PATH
  remote: .
  specs:
    simple_note_parser (0.1.1)

GEM
  remote: https://rubygems.org/
  specs:
    minitest (5.14.0)
    rake (12.3.2)

PLATFORMS
  ruby

DEPENDENCIES
  minitest (~> 5.0)
  rake (~> 12.0)
  simple_note_parser!

BUNDLED WITH
   2.1.4
