PATH
  remote: .
  specs:
    simple_note_parser (2.0.0)

GEM
  remote: https://rubygems.org/
  specs:
    byebug (11.1.3)
    minitest (5.14.0)
    rake (12.3.3)

PLATFORMS
  ruby

DEPENDENCIES
  byebug (~> 11.1, >= 11.1.3)
  minitest (~> 5.0)
  rake (~> 12.3)
  simple_note_parser!

BUNDLED WITH
   2.1.4
